GEM
  remote: https://rubygems.org/
  specs:
    addressable (2.3.8)
    builder (3.2.2)
    colorize (0.8.1)
    consul_loader (1.0.0)
      rest-client
    cucumber (2.4.0)
      builder (>= 2.1.2)
      cucumber-core (~> 1.5.0)
      cucumber-wire (~> 0.0.1)
      diff-lcs (>= 1.1.3)
      gherkin (~> 4.0)
      multi_json (>= 1.7.5, < 2.0)
      multi_test (>= 0.1.2)
    cucumber-api (0.3)
      cucumber (~> 2.0)
      json-schema (~> 2.5)
      jsonpath (~> 0.5)
      rest-client (~> 1.8)
    cucumber-core (1.5.0)
      gherkin (~> 4.0)
    cucumber-wire (0.0.1)
    diff-lcs (1.2.5)
    docker-api (1.31.0)
      excon (>= 0.38.0)
      json
    domain_name (0.5.20160615)
      unf (>= 0.0.5, < 1.0.0)
    excon (0.51.0)
    gherkin (4.0.0)
    http-cookie (1.0.2)
      domain_name (~> 0.5)
    json (2.0.2)
    json-schema (2.6.2)
      addressable (~> 2.3.8)
    jsonpath (0.5.8)
      multi_json
    mime-types (2.99.2)
    mini_portile2 (2.1.0)
    minke (1.12.9)
      colorize
      consul_loader (~> 1.0)
      cucumber
      docker-api
      multi_json
      rake (~> 10.0)
      rest-client (~> 1.8)
      sshkey
    minke-generator-go (0.8.1)
    multi_json (1.12.1)
    multi_test (0.1.2)
    netrc (0.11.0)
    nokogiri (1.6.8)
      mini_portile2 (~> 2.1.0)
      pkg-config (~> 1.1.7)
    pkg-config (1.1.7)
    rake (10.5.0)
    rest-client (1.8.0)
      http-cookie (>= 1.0.2, < 2.0)
      mime-types (>= 1.16, < 3.0)
      netrc (~> 0.7)
    sshkey (1.8.0)
    unf (0.1.4)
      unf_ext
    unf_ext (0.0.7.2)

PLATFORMS
  ruby

DEPENDENCIES
  cucumber-api (~> 0.3)
  minke
  minke-generator-go
  nokogiri
  rake

BUNDLED WITH
   1.12.5
